PATH
  remote: .
  specs:
    bourbon (0.1.4)
      sass (>= 3.1)

GEM
  remote: http://rubygems.org/
  specs:
    sass (3.1.7)

PLATFORMS
  ruby

DEPENDENCIES
  bourbon!
